PATH
  remote: .
  specs:
    devise_auth (0.0.1)
      net-ldap (~> 0.1)

GEM
  remote: https://rubygems.org/
  specs:
    net-ldap (0.17.1)

PLATFORMS
  arm64-darwin-21

DEPENDENCIES
  devise_auth!
  net-ldap

BUNDLED WITH
   2.3.4
